GEM
  remote: http://rubygems.org/
  specs:
    ncursesw (1.4.9)

PLATFORMS
  ruby

DEPENDENCIES
  ncursesw

BUNDLED WITH
   1.12.5
